GEM
  remote: https://rubygems.org/
  specs:
    ashton (0.1.3)
      gosu (~> 0.7.45)
      opengl (~> 0.8.0.pre1)
    chipmunk (6.1.3.1)
    gosu (0.7.50)
    opengl (0.8.0)
    ruby-opengl (0.61.0)
      opengl

PLATFORMS
  ruby

DEPENDENCIES
  ashton
  chipmunk
  gosu
  ruby-opengl
